GIT
  remote: git://github.com/livingsocial/rake-pipeline.git
  revision: 65b1e744defa208e313703d89f3453447cc103b2
  specs:
    rake-pipeline (0.8.0)
      json
      rake (~> 10.0.0)
      thor

GIT
  remote: git://github.com/wycats/js_module_transpiler.git
  revision: c9f0ada0f7b7ec654ddec25f4a1fb07bcf41c9f7
  specs:
    js_module_transpiler (0.0.1)
      thor

GIT
  remote: git://github.com/wycats/rake-pipeline-web-filters.git
  revision: c7c018af04a1b7be42fd447eebf23746e0f63855
  specs:
    rake-pipeline-web-filters (0.6.0)
      rack
      rake-pipeline (~> 0.6)

GEM
  remote: https://rubygems.org/
  specs:
    coderay (1.0.9)
    columnize (0.3.6)
    debugger (1.5.0)
      columnize (>= 0.3.1)
      debugger-linecache (~> 1.2.0)
      debugger-ruby_core_source (~> 1.2.0)
    debugger-linecache (1.2.0)
    debugger-ruby_core_source (1.2.0)
    json (1.7.7)
    method_source (0.8.1)
    pry (0.9.12.1)
      coderay (~> 1.0.5)
      method_source (~> 0.8)
      slop (~> 3.4)
    pry-debugger (0.2.2)
      debugger (~> 1.3)
      pry (~> 0.9.10)
    rack (1.5.2)
    rake (10.0.4)
    slop (3.4.4)
    thor (0.18.1)

PLATFORMS
  ruby

DEPENDENCIES
  js_module_transpiler!
  pry
  pry-debugger
  rack
  rake-pipeline!
  rake-pipeline-web-filters!
